PATH
  remote: .
  specs:
    happyfunrun (0.0.3)

GEM
  remote: http://rubygems.org/
  specs:

PLATFORMS
  ruby

DEPENDENCIES
  happyfunrun!
